GIT
  remote: git://github.com/freelancing-god/riddle.git
  revision: 2a667b6676679427e648844bc79a8bc81c278748
  branch: master
  specs:
    riddle (1.3.2)

GIT
  remote: git://github.com/freelancing-god/thinking-sphinx.git
  revision: f95544f356b14f090e0f132bcecd3a29c957040d
  branch: rails3
  specs:
    thinking-sphinx (2.0.4)
      activerecord (>= 3.0.3)
      riddle (>= 1.3.2)

GIT
  remote: git://github.com/rtlong/rails-footnotes.git
  revision: 17267ecbb8ab63267e7128d721656589cff53b15
  specs:
    rails-footnotes (3.7.3)
      rails (>= 3.0.0)

GIT
  remote: git://github.com/yaroslav/russian.git
  revision: 57af7fee22f9c324ac6313064c36e582d58ba8df
  specs:
    russian (0.2.7)

GEM
  remote: http://rubygems.org/
  specs:
    RedCloth (4.2.7)
    ZenTest (4.5.0)
    aaronh-chronic (0.3.9)
    aasm (2.2.0)
    abstract (1.0.0)
    actionmailer (3.0.7)
      actionpack (= 3.0.7)
      mail (~> 2.2.15)
    actionpack (3.0.7)
      activemodel (= 3.0.7)
      activesupport (= 3.0.7)
      builder (~> 2.1.2)
      erubis (~> 2.6.6)
      i18n (~> 0.5.0)
      rack (~> 1.2.1)
      rack-mount (~> 0.6.14)
      rack-test (~> 0.5.7)
      tzinfo (~> 0.3.23)
    activemodel (3.0.7)
      activesupport (= 3.0.7)
      builder (~> 2.1.2)
      i18n (~> 0.5.0)
    activerecord (3.0.7)
      activemodel (= 3.0.7)
      activesupport (= 3.0.7)
      arel (~> 2.0.2)
      tzinfo (~> 0.3.23)
    activeresource (3.0.7)
      activemodel (= 3.0.7)
      activesupport (= 3.0.7)
    activesupport (3.0.7)
    acts_as_commentable (3.0.1)
    arel (2.0.10)
    authlogic (3.0.3)
      activerecord (>= 3.0.7)
      activerecord (>= 3.0.7)
    autotest (4.4.6)
      ZenTest (>= 4.4.1)
    awesome_nested_set (2.0.0)
      activerecord (>= 3.0.0)
    babosa (0.3.4)
    builder (2.1.2)
    capistrano (2.6.0)
      highline
      net-scp (>= 1.0.0)
      net-sftp (>= 2.0.0)
      net-ssh (>= 2.0.14)
      net-ssh-gateway (>= 1.1.0)
    capistrano-ext (1.2.1)
      capistrano (>= 1.0.0)
    capybara (0.4.1.2)
      celerity (>= 0.7.9)
      culerity (>= 0.2.4)
      mime-types (>= 1.16)
      nokogiri (>= 1.3.3)
      rack (>= 1.0.0)
      rack-test (>= 0.5.4)
      selenium-webdriver (>= 0.0.27)
      xpath (~> 0.1.3)
    carrierwave (0.5.4)
      activesupport (~> 3.0)
    celerity (0.8.9)
    chardet (0.9.0)
    childprocess (0.1.9)
      ffi (~> 1.0.6)
    chunky_png (1.2.0)
    ckeditor (3.5.3)
      mime-types (>= 1.16)
    columnize (0.3.2)
    compass (0.11.1)
      chunky_png (~> 1.1)
      fssm (>= 0.2.7)
      sass (~> 3.1)
    configuration (1.2.0)
    crack (0.1.8)
    cucumber (0.10.3)
      builder (>= 2.1.2)
      diff-lcs (>= 1.1.2)
      gherkin (>= 2.3.8)
      json (>= 1.4.6)
      term-ansicolor (>= 1.0.5)
    cucumber-rails (0.4.1)
      cucumber (>= 0.10.1)
      nokogiri (>= 1.4.4)
      rack-test (>= 0.5.7)
    culerity (0.2.15)
    daemon-spawn (0.4.2)
    daemons (1.1.3)
    database_cleaner (0.6.7)
    declarative_authorization (0.5.2)
    delayed_job (2.1.4)
      activesupport (~> 3.0)
      daemons
    diff-lcs (1.1.2)
    email_spec (1.1.1)
      rspec (~> 2.0)
    erubis (2.6.6)
      abstract (>= 1.0.0)
    exception_notification (2.4.0)
    factory_girl (2.0.0.beta2)
    factory_girl_rails (1.1.beta1)
      factory_girl (~> 2.0.0.beta)
      rails (>= 3.0.0)
    faker (0.9.5)
      i18n (~> 0.4)
    fastercsv (1.5.4)
    ffi (1.0.9)
    formtastic (1.2.3)
      actionpack (>= 2.3.7)
      activesupport (>= 2.3.7)
      i18n (~> 0.4)
    friendly_id (3.2.1.1)
      babosa (~> 0.3.0)
    fssm (0.2.7)
    gherkin (2.3.9)
      json (>= 1.4.6)
    haml (3.1.1)
    has_scope (0.5.0)
    highline (1.6.2)
    hpricot (0.8.4)
    httparty (0.7.7)
      crack (= 0.1.8)
    i18n (0.5.0)
    inherited_resources (1.2.2)
      has_scope (~> 0.5.0)
      responders (~> 0.6.0)
    jasmine (1.0.2.1)
      json_pure (>= 1.4.3)
      rack (>= 1.1)
      rspec (>= 1.3.1)
      selenium-webdriver (>= 0.1.3)
    jquery-rails (1.0.7)
      railties (~> 3.0)
      thor (~> 0.14)
    jrails (0.6.0)
    json (1.5.1)
    json_pure (1.5.1)
    kgio (2.4.1)
    launchy (0.4.0)
      configuration (>= 0.0.5)
      rake (>= 0.8.1)
    linecache (0.43)
    mail (2.2.19)
      activesupport (>= 2.3.6)
      i18n (>= 0.4.0)
      mime-types (~> 1.16)
      treetop (~> 1.4.8)
    meta-tags (1.2.4)
      actionpack
    mime-types (1.16)
    mocha (0.9.12)
    net-scp (1.0.4)
      net-ssh (>= 1.99.1)
    net-sftp (2.0.5)
      net-ssh (>= 2.0.9)
    net-ssh (2.1.4)
    net-ssh-gateway (1.1.0)
      net-ssh (>= 1.99.1)
    nokogiri (1.4.4)
    paperclip (2.3.11)
      activerecord (>= 2.3.0)
      activesupport (>= 2.3.2)
    pg (0.11.0)
    polyglot (0.3.1)
    populator (1.0.0)
    rack (1.2.3)
    rack-mount (0.6.14)
      rack (>= 1.0.0)
    rack-test (0.5.7)
      rack (>= 1.0)
    rails (3.0.7)
      actionmailer (= 3.0.7)
      actionpack (= 3.0.7)
      activerecord (= 3.0.7)
      activeresource (= 3.0.7)
      activesupport (= 3.0.7)
      bundler (~> 1.0)
      railties (= 3.0.7)
    rails-erd (0.4.5)
      activerecord (~> 3.0)
      activesupport (~> 3.0)
      ruby-graphviz (~> 0.9.18)
    railties (3.0.7)
      actionpack (= 3.0.7)
      activesupport (= 3.0.7)
      rake (>= 0.8.7)
      thor (~> 0.14.4)
    rake (0.9.0)
    rb-inotify (0.8.4)
      ffi (>= 0.5.0)
    recaptcha (0.3.1)
    responders (0.6.4)
    rspec (2.6.0)
      rspec-core (~> 2.6.0)
      rspec-expectations (~> 2.6.0)
      rspec-mocks (~> 2.6.0)
    rspec-core (2.6.3)
    rspec-expectations (2.6.0)
      diff-lcs (~> 1.1.2)
    rspec-mocks (2.6.0)
    rspec-rails (2.6.0)
      actionpack (~> 3.0)
      activesupport (~> 3.0)
      railties (~> 3.0)
      rspec (~> 2.6.0)
    ruby-debug (0.10.4)
      columnize (>= 0.1)
      ruby-debug-base (~> 0.10.4.0)
    ruby-debug-base (0.10.4)
      linecache (>= 0.3)
    ruby-graphviz (0.9.21)
    ruby-mp3info (0.6.13)
    ruby_parser (2.0.6)
      sexp_processor (~> 3.0)
    rubyzip (0.9.4)
    sass (3.1.1)
    selenium-webdriver (0.2.0)
      childprocess (>= 0.1.7)
      ffi (>= 1.0.7)
      json_pure
      rubyzip
    settingslogic (2.0.6)
    sexp_processor (3.0.5)
    state_machine (1.0.0)
    term-ansicolor (1.0.5)
    thor (0.14.6)
    treetop (1.4.9)
      polyglot (>= 0.3.1)
    ts-datetime-delta (1.0.2)
      thinking-sphinx (>= 1.3.8)
    tzinfo (0.3.27)
    unicorn (3.6.2)
      kgio (~> 2.3)
      rack
    whenever (0.6.7)
      aaronh-chronic (>= 0.3.9)
      activesupport (>= 2.3.4)
    will_paginate (2.3.15)
    xpath (0.1.4)
      nokogiri (~> 1.3)

PLATFORMS
  ruby

DEPENDENCIES
  RedCloth (~> 4.2.7)
  aasm (= 2.2.0)
  acts_as_commentable (~> 3.0.1)
  authlogic (~> 3.0.3)
  autotest (~> 4.4.6)
  awesome_nested_set (~> 2.0.0)
  bundler (~> 1.0.13)
  capistrano (~> 2.6.0)
  capistrano-ext (~> 1.2.1)
  capybara (~> 0.4.1.2)
  carrierwave (~> 0.5.3)
  chardet (~> 0.9.0)
  ckeditor (~> 3.5.3)
  compass (~> 0.11.1)
  cucumber (~> 0.10.2)
  cucumber-rails (~> 0.4.1)
  daemon-spawn (~> 0.4.2)
  database_cleaner
  declarative_authorization (~> 0.5.2)
  delayed_job (~> 2.1.4)
  email_spec (~> 1.1.1)
  exception_notification (~> 2.4.0)
  factory_girl_rails (>= 1.1.beta1)
  faker (~> 0.9.5)
  fastercsv (~> 1.5.4)
  ffi (~> 1.0.7)
  formtastic (~> 1.2.3)
  friendly_id (~> 3.2.1.1)
  haml (~> 3.1.1)
  hpricot
  httparty (~> 0.7.7)
  inherited_resources (~> 1.2.2)
  jasmine (~> 1.0.2.0)
  jquery-rails (~> 1.0.1)
  jrails (~> 0.6.0)
  launchy (~> 0.4.0)
  meta-tags
  mocha (~> 0.9.12)
  nokogiri (~> 1.4.4)
  paperclip (~> 2.3.11)
  pg (~> 0.11.0)
  populator (~> 1.0.0)
  rails (~> 3.0.7)
  rails-erd
  rails-footnotes!
  rake (~> 0.9.0)
  rb-inotify (~> 0.8.4)
  recaptcha (~> 0.3.1)
  riddle!
  rspec (~> 2.6.0)
  rspec-rails (~> 2.6.0)
  ruby-debug
  ruby-mp3info (~> 0.6.13)
  ruby_parser
  rubyzip (~> 0.9.4)
  russian!
  sass (~> 3.1.1)
  settingslogic
  state_machine (~> 1.0.0)
  thinking-sphinx!
  ts-datetime-delta (~> 1.0.2)
  unicorn (~> 3.6.2)
  whenever (~> 0.6.7)
  will_paginate (~> 2.3.15)
